PATH
  remote: .
  specs:
    hwid (0.2.9)

GEM
  remote: https://rubygems.org/
  specs:
    codeclimate-test-reporter (1.0.9)
      simplecov (<= 0.13)
    docile (1.1.5)
    json (2.2.0)
    minitest (5.11.3)
    simplecov (0.13.0)
      docile (~> 1.1.0)
      json (>= 1.8, < 3)
      simplecov-html (~> 0.10.0)
    simplecov-html (0.10.2)

PLATFORMS
  ruby

DEPENDENCIES
  codeclimate-test-reporter
  hwid!
  minitest

RUBY VERSION
   ruby 2.1.5p273

BUNDLED WITH
   1.14.6
